GEM
  remote: https://rubygems.org/
  specs:
    clearbit (0.2.2)
      nestful (~> 1.1.0)
    nestful (1.1.1)
    rack (1.6.4)
    rack-protection (1.5.3)
      rack
    sinatra (1.4.6)
      rack (~> 1.4)
      rack-protection (~> 1.4)
      tilt (>= 1.3, < 3)
    tilt (2.0.1)

PLATFORMS
  ruby

DEPENDENCIES
  clearbit
  sinatra
